PATH
  remote: .
  specs:
    opencage-geocoder (0.1.2)

GEM
  remote: https://rubygems.org/
  specs:
    diff-lcs (1.3)
    minitest (5.8.2)
    rspec (2.99.0)
      rspec-core (~> 2.99.0)
      rspec-expectations (~> 2.99.0)
      rspec-mocks (~> 2.99.0)
    rspec-core (2.99.2)
    rspec-expectations (2.99.2)
      diff-lcs (>= 1.1.3, < 2.0)
    rspec-mocks (2.99.4)

PLATFORMS
  ruby

DEPENDENCIES
  minitest
  opencage-geocoder!
  rspec

BUNDLED WITH
   1.16.0
